GEM
  remote: https://rubygems.org/
  specs:
    args_parser (0.2.0)
    awesome_print (1.2.0)
    coderay (1.0.9)
    httparty (0.12.0)
      json (~> 1.8)
      multi_xml (>= 0.5.2)
    im-kayac (0.1.2)
      args_parser
      httparty
      json
    json (1.8.1)
    method_source (0.8.2)
    multi_xml (0.5.5)
    pit (0.0.7)
    pry (0.9.12.2)
      coderay (~> 1.0.5)
      method_source (~> 0.8)
      slop (~> 3.4)
    slop (3.4.6)

PLATFORMS
  ruby

DEPENDENCIES
  awesome_print
  im-kayac
  pit
  pry
