GEM
  remote: https://rubygems.org/
  specs:
    awesome_print (1.1.0)
    coderay (1.0.8)
    im-kayac (0.0.5)
      json
    json (1.7.6)
    method_source (0.8.1)
    pit (0.0.7)
    pry (0.9.10)
      coderay (~> 1.0.5)
      method_source (~> 0.8)
      slop (~> 3.3.1)
    slop (3.3.3)

PLATFORMS
  ruby

DEPENDENCIES
  awesome_print
  im-kayac
  pit
  pry
